{
	"Modality": "MR",
	"MagneticFieldStrength": 3,
	"Manufacturer": "Siemens",
	"ManufacturersModelName": "Prisma_fit",
	"InstitutionName": "St_Lucia_Campus",
	"InstitutionAddress": "Cooper_60_St._Lucia_QLD_AU_4072",
	"DeviceSerialNumber": "167001",
	"StationName": "mrc_Trio",
	"BodyPartExamined": "BRAIN",
	"PatientPosition": "HFS",
	"ProcedureStepDescription": "Research_16004_CMN",
	"SoftwareVersions": "syngo_MR_E11",
	"MRAcquisitionType": "3D",
	"SeriesDescription": "MP2RAGE_wip900C_VE11C_UNI-DEN",
	"ProtocolName": "MP2RAGE_wip900C_VE11C",
	"ScanningSequence": "GR_IR",
	"SequenceVariant": "SK_SP_MP",
	"ScanOptions": "IR_PFP",
	"SequenceName": "tfl3d1_16ns",
	"ImageType": ["DERIVED", "PRIMARY", "M", "UNI", "DIS3D", "DIS2D"],
	"RawImage": false,
	"SeriesNumber": 8,
	"AcquisitionTime": "14:19:1.902500",
	"AcquisitionNumber": 1,
	"ImageComments": "DENOISED_IMAGE_(lambda_=_1)",
	"SliceThickness": 1,
	"SAR": 0.0546644,
	"EchoTime": 0.00291,
	"RepetitionTime": 4,
	"PartialFourier": 0.75,
	"BaseResolution": 256,
	"ShimSetting": [
		3023,
		-4082,
		-897,
		296,
		-7,
		-337,
		-110,
		20	],
	"TxRefAmp": 215.093,
	"PhaseResolution": 1,
	"ReceiveCoilName": "HeadNeck_64",
	"ReceiveCoilActiveElements": "HC1-7;NC1,2",
	"PulseSequenceDetails": "%CustomerSeq%_tfl_wip900C_VE11C",
	"ConsistencyInfo": "N4_VE11C_LATEST_20160120",
	"PercentPhaseFOV": 93.75,
	"PhaseEncodingSteps": 181,
	"AcquisitionMatrixPE": 240,
	"ReconMatrixPE": 256,
	"ParallelReductionFactorInPlane": 3,
	"PixelBandwidth": 240,
	"ImageOrientationPatientDICOM": [
		0.00278669,
		0.998343,
		-0.0574681,
		-0.0579627,
		-0.0572105,
		-0.996678	],
	"InPlanePhaseEncodingDirectionDICOM": "ROW",
	"ConversionSoftware": "dcm2niix",
	"ConversionSoftwareVersion": "v1.0.20180622 (JP2:OpenJPEG) GCC6.1.0"
}
