{
	"Modality": "MR",
	"MagneticFieldStrength": 3,
	"Manufacturer": "Siemens",
	"ManufacturersModelName": "TrioTim",
	"InstitutionName": "St_Lucia_Campus",
	"InstitutionAddress": "Cooper_60_St._Lucia_QLD_AU_4072",
	"DeviceSerialNumber": "35410",
	"StationName": "mrc_Trio",
	"PatientPosition": "HFS",
	"ProcedureStepDescription": "RESEARCH_3T_Research",
	"SoftwareVersions": "syngo_MR_B17",
	"MRAcquisitionType": "3D",
	"SeriesDescription": "mp2rage_RPT_UNI-DEN",
	"ProtocolName": "mp2rage_RPT",
	"ScanningSequence": "GR_IR",
	"SequenceVariant": "SP_MP",
	"ScanOptions": "IR_PFP",
	"SequenceName": "tfl3d1_ns",
	"ImageType": ["ORIGINAL", "PRIMARY", "M", "ND", "UNI"],
	"SeriesNumber": 20,
	"AcquisitionTime": "15:00:49.677500",
	"AcquisitionNumber": 1,
	"SliceThickness": 1,
	"SAR": 0.138275,
	"EchoTime": 0.00289,
	"RepetitionTime": 4,
	"PartialFourier": 0.75,
	"BaseResolution": 256,
	"ShimSetting": [
		6819,
		-11271,
		-2615,
		-89,
		20,
		1,
		-123,
		4	],
	"TxRefAmp": 323.343,
	"PhaseResolution": 1,
	"ReceiveCoilName": "32Ch_Head",
	"PulseSequenceDetails": "%CustomerSeq%_mp2rage_wip820B17",
	"PercentPhaseFOV": 93.75,
	"PhaseEncodingSteps": 181,
	"AcquisitionMatrixPE": 240,
	"ReconMatrixPE": 256,
	"ParallelReductionFactorInPlane": 3,
	"PixelBandwidth": 241,
	"ImageOrientationPatientDICOM": [
		-0.0104507,
		0.999945,
		-5.49544e-09,
		0.0470948,
		0.000492197,
		-0.99889	],
	"InPlanePhaseEncodingDirectionDICOM": "ROW",
	"ConversionSoftware": "dcm2niix",
	"ConversionSoftwareVersion": "v1.0.20180622 (JP2:OpenJPEG) GCC6.1.0"
}
