{
	"TaskName":"episodic",
	"Modality": "MR",
	"MagneticFieldStrength": 3,
	"Manufacturer": "Siemens",
	"ManufacturersModelName": "TrioTim",
	"InstitutionName": "St_Lucia_Campus",
	"InstitutionalDepartmentName": "Gehrmann_Labs_MRI",
	"InstitutionAddress": "Cooper_60_St._Lucia_QLD_AU_4072",
	"DeviceSerialNumber": "35410",
	"StationName": "mrc_Trio",
	"PatientPosition": "HFS",
	"ProcedureStepDescription": "Brain_-_UQ_fMRI",
	"SoftwareVersions": "syngo_MR_B17",
	"MRAcquisitionType": "2D",
	"SeriesDescription": "EPI",
	"ProtocolName": "EPI",
	"ScanningSequence": "EP",
	"SequenceVariant": "SK",
	"ScanOptions": "FS",
	"SequenceName": "_epfid2d1_76",
	"ImageType": ["ORIGINAL", "PRIMARY", "M", "ND", "MOSAIC"],
	"SeriesNumber": 9,
	"AcquisitionTime": "12:18:56.240000",
	"AcquisitionNumber": 1,
	"SliceThickness": 2.5,
	"SpacingBetweenSlices": 2.75,
	"SAR": 0.233564,
	"EchoTime": 0.03,
	"RepetitionTime": 3,
	"FlipAngle": 90,
	"PartialFourier": 1,
	"BaseResolution": 76,
	"ShimSetting": [
		6764,
		-11286,
		-2107,
		714,
		-51,
		-35,
		-480,
		198	],
	"TxRefAmp": 314.334,
	"PhaseResolution": 1,
	"ReceiveCoilName": "32Ch_Head",
	"PulseSequenceDetails": "%SiemensSeq%_ep2d_pace",
	"PercentPhaseFOV": 100,
	"PhaseEncodingSteps": 76,
	"AcquisitionMatrixPE": 76,
	"ReconMatrixPE": 76,
	"BandwidthPerPixelPhaseEncode": 23.084,
	"EffectiveEchoSpacing": 0.000570001,
	"DerivedVendorReportedEchoSpacing": 0.000570001,
	"TotalReadoutTime": 0.04275,
	"PixelBandwidth": 1994,
	"DwellTime": 3.3e-06,
	"PhaseEncodingDirection": "j-",
	"SliceTiming": [
		0,
		1.5275,
		0.065,
		1.595,
		0.1325,
		1.66,
		0.1975,
		1.7275,
		0.265,
		1.7925,
		0.33,
		1.86,
		0.3975,
		1.9275,
		0.465,
		1.9925,
		0.53,
		2.06,
		0.5975,
		2.125,
		0.6625,
		2.1925,
		0.73,
		2.26,
		0.7975,
		2.325,
		0.8625,
		2.3925,
		0.93,
		2.4575,
		0.995,
		2.525,
		1.0625,
		2.5925,
		1.13,
		2.6575,
		1.195,
		2.725,
		1.2625,
		2.79,
		1.3275,
		2.8575,
		1.395,
		2.9225,
		1.46	],
	"ImageOrientationPatientDICOM": [
		0.999707,
		0.0169888,
		-0.0172646,
		-0.0209408,
		0.964411,
		-0.263575	],
	"InPlanePhaseEncodingDirectionDICOM": "COL",
	"ConversionSoftware": "dcm2niix",
	"ConversionSoftwareVersion": "v1.0.20180622 (JP2:OpenJPEG) GCC6.1.0"
}
