{
	"Modality": "MR",
	"MagneticFieldStrength": 3,
	"Manufacturer": "Siemens",
	"ManufacturersModelName": "TrioTim",
	"InstitutionName": "St_Lucia_Campus",
	"InstitutionAddress": "Cooper_60_St._Lucia_QLD_AU_4072",
	"DeviceSerialNumber": "35410",
	"StationName": "mrc_Trio",
	"PatientPosition": "HFS",
	"ProcedureStepDescription": "RESEARCH_3T_Research",
	"SoftwareVersions": "syngo_MR_B17",
	"MRAcquisitionType": "3D",
	"SeriesDescription": "mp2rage_UNI-DEN",
	"ProtocolName": "mp2rage",
	"ScanningSequence": "GR_IR",
	"SequenceVariant": "SP_MP",
	"ScanOptions": "IR_PFP",
	"SequenceName": "tfl3d1_ns",
	"ImageType": ["ORIGINAL", "PRIMARY", "M", "ND", "UNI"],
	"SeriesNumber": 4,
	"AcquisitionTime": "10:18:26.785000",
	"AcquisitionNumber": 1,
	"SliceThickness": 1,
	"SAR": 0.146004,
	"EchoTime": 0.00289,
	"RepetitionTime": 4,
	"PartialFourier": 0.75,
	"BaseResolution": 256,
	"ShimSetting": [
		6819,
		-11271,
		-2615,
		-89,
		20,
		1,
		-123,
		4	],
	"TxRefAmp": 322.159,
	"PhaseResolution": 1,
	"ReceiveCoilName": "32Ch_Head",
	"PulseSequenceDetails": "%CustomerSeq%_mp2rage_wip820B17",
	"PercentPhaseFOV": 93.75,
	"PhaseEncodingSteps": 181,
	"AcquisitionMatrixPE": 240,
	"ReconMatrixPE": 256,
	"ParallelReductionFactorInPlane": 3,
	"PixelBandwidth": 241,
	"ImageOrientationPatientDICOM": [
		8.2263e-06,
		1,
		-2.80544e-09,
		-0.0296612,
		2.41198e-07,
		-0.99956	],
	"InPlanePhaseEncodingDirectionDICOM": "ROW",
	"ConversionSoftware": "dcm2niix",
	"ConversionSoftwareVersion": "v1.0.20180622 (JP2:OpenJPEG) GCC6.1.0"
}
