{
	"TaskName":"autobio",
	"Modality": "MR",
	"MagneticFieldStrength": 3,
	"Manufacturer": "Siemens",
	"ManufacturersModelName": "TrioTim",
	"InstitutionName": "St_Lucia_Campus",
	"InstitutionalDepartmentName": "Gehrmann_Labs_MRI",
	"InstitutionAddress": "Cooper_60_St._Lucia_QLD_AU_4072",
	"DeviceSerialNumber": "35410",
	"StationName": "mrc_Trio",
	"PatientPosition": "HFS",
	"ProcedureStepDescription": "Brain_-_UQ_fMRI",
	"SoftwareVersions": "syngo_MR_B17",
	"MRAcquisitionType": "2D",
	"SeriesDescription": "AUTO",
	"ProtocolName": "AUTO",
	"ScanningSequence": "EP",
	"SequenceVariant": "SK",
	"ScanOptions": "FS",
	"SequenceName": "_epfid2d1_76",
	"ImageType": ["ORIGINAL", "PRIMARY", "M", "ND", "MOSAIC"],
	"SeriesNumber": 2,
	"AcquisitionTime": "10:20:3.510000",
	"AcquisitionNumber": 1,
	"SliceThickness": 2.5,
	"SpacingBetweenSlices": 2.75,
	"SAR": 0.144358,
	"EchoTime": 0.03,
	"RepetitionTime": 3,
	"FlipAngle": 90,
	"PartialFourier": 1,
	"BaseResolution": 76,
	"ShimSetting": [
		6767,
		-11275,
		-2045,
		654,
		125,
		14,
		159,
		-43	],
	"TxRefAmp": 331.542,
	"PhaseResolution": 1,
	"ReceiveCoilName": "32Ch_Head",
	"PulseSequenceDetails": "%SiemensSeq%_ep2d_pace",
	"PercentPhaseFOV": 100,
	"PhaseEncodingSteps": 76,
	"AcquisitionMatrixPE": 76,
	"ReconMatrixPE": 76,
	"BandwidthPerPixelPhaseEncode": 23.084,
	"EffectiveEchoSpacing": 0.000570001,
	"DerivedVendorReportedEchoSpacing": 0.000570001,
	"TotalReadoutTime": 0.04275,
	"PixelBandwidth": 1994,
	"DwellTime": 3.3e-06,
	"PhaseEncodingDirection": "j-",
	"SliceTiming": [
		0,
		1.53,
		0.0675,
		1.595,
		0.1325,
		1.6625,
		0.2,
		1.7275,
		0.265,
		1.795,
		0.3325,
		1.8625,
		0.4,
		1.9275,
		0.465,
		1.995,
		0.5325,
		2.06,
		0.5975,
		2.1275,
		0.665,
		2.195,
		0.7325,
		2.26,
		0.7975,
		2.3275,
		0.865,
		2.3925,
		0.93,
		2.46,
		0.9975,
		2.525,
		1.0625,
		2.5925,
		1.13,
		2.66,
		1.1975,
		2.725,
		1.2625,
		2.7925,
		1.33,
		2.8575,
		1.395,
		2.925,
		1.4625	],
	"ImageOrientationPatientDICOM": [
		0.999669,
		-0.0253454,
		-0.00451845,
		0.0226857,
		0.950183,
		-0.310865	],
	"InPlanePhaseEncodingDirectionDICOM": "COL",
	"ConversionSoftware": "dcm2niix",
	"ConversionSoftwareVersion": "v1.0.20180622 (JP2:OpenJPEG) GCC6.1.0"
}
