{
	"TaskName":"semantic",
	"Modality": "MR",
	"MagneticFieldStrength": 3,
	"Manufacturer": "Siemens",
	"ManufacturersModelName": "TrioTim",
	"InstitutionName": "St_Lucia_Campus",
	"InstitutionalDepartmentName": "Gehrmann_Labs_MRI",
	"InstitutionAddress": "Cooper_60_St._Lucia_QLD_AU_4072",
	"DeviceSerialNumber": "35410",
	"StationName": "mrc_Trio",
	"PatientPosition": "HFS",
	"ProcedureStepDescription": "RESEARCH_3T_Research",
	"SoftwareVersions": "syngo_MR_B17",
	"MRAcquisitionType": "2D",
	"SeriesDescription": "SEM",
	"ProtocolName": "SEM",
	"ScanningSequence": "EP",
	"SequenceVariant": "SK",
	"ScanOptions": "FS",
	"SequenceName": "_epfid2d1_76",
	"ImageType": ["ORIGINAL", "PRIMARY", "M", "ND", "MOSAIC"],
	"SeriesNumber": 8,
	"AcquisitionTime": "16:06:37.200000",
	"AcquisitionNumber": 1,
	"SliceThickness": 2.5,
	"SpacingBetweenSlices": 2.75,
	"SAR": 0.226332,
	"EchoTime": 0.03,
	"RepetitionTime": 3,
	"FlipAngle": 90,
	"PartialFourier": 1,
	"BaseResolution": 76,
	"ShimSetting": [
		6850,
		-11240,
		-2173,
		781,
		-23,
		8,
		8,
		10	],
	"TxRefAmp": 305.681,
	"PhaseResolution": 1,
	"ReceiveCoilName": "32Ch_Head",
	"PulseSequenceDetails": "%SiemensSeq%_ep2d_pace",
	"PercentPhaseFOV": 100,
	"PhaseEncodingSteps": 76,
	"AcquisitionMatrixPE": 76,
	"ReconMatrixPE": 76,
	"BandwidthPerPixelPhaseEncode": 23.084,
	"EffectiveEchoSpacing": 0.000570001,
	"DerivedVendorReportedEchoSpacing": 0.000570001,
	"TotalReadoutTime": 0.04275,
	"PixelBandwidth": 1994,
	"DwellTime": 3.3e-06,
	"PhaseEncodingDirection": "j-",
	"SliceTiming": [
		0,
		1.53,
		0.0675,
		1.595,
		0.1325,
		1.6625,
		0.2,
		1.73,
		0.2675,
		1.795,
		0.3325,
		1.8625,
		0.4,
		1.9275,
		0.465,
		1.995,
		0.5325,
		2.0625,
		0.6,
		2.1275,
		0.665,
		2.195,
		0.7325,
		2.26,
		0.7975,
		2.3275,
		0.865,
		2.395,
		0.9325,
		2.46,
		0.9975,
		2.5275,
		1.065,
		2.5925,
		1.13,
		2.66,
		1.1975,
		2.725,
		1.2625,
		2.7925,
		1.33,
		2.86,
		1.3975,
		2.925,
		1.4625	],
	"ImageOrientationPatientDICOM": [
		0.999977,
		0.000929434,
		0.00678493,
		-1.76517e-08,
		0.990748,
		-0.135715	],
	"InPlanePhaseEncodingDirectionDICOM": "COL",
	"ConversionSoftware": "dcm2niix",
	"ConversionSoftwareVersion": "v1.0.20180622 (JP2:OpenJPEG) GCC6.1.0"
}
