{
	"TaskName":"semantic",
	"Modality": "MR",
	"MagneticFieldStrength": 3,
	"Manufacturer": "Siemens",
	"ManufacturersModelName": "Prisma_fit",
	"InstitutionName": "St_Lucia_Campus",
	"InstitutionalDepartmentName": "Gehrmann_Labs_MRI",
	"InstitutionAddress": "Cooper_60_St._Lucia_QLD_AU_4072",
	"DeviceSerialNumber": "167001",
	"StationName": "mrc_Trio",
	"BodyPartExamined": "BRAIN",
	"PatientPosition": "HFS",
	"ProcedureStepDescription": "Research_16004_CMN",
	"SoftwareVersions": "syngo_MR_E11",
	"MRAcquisitionType": "2D",
	"SeriesDescription": "ep2d_bold_SEM",
	"ProtocolName": "ep2d_bold_SEM",
	"ScanningSequence": "EP",
	"SequenceVariant": "SK",
	"ScanOptions": "FS",
	"SequenceName": "_epfid2d1_76",
	"ImageType": ["ORIGINAL", "PRIMARY", "M", "ND", "MOSAIC"],
	"SeriesNumber": 7,
	"AcquisitionTime": "17:01:5.112500",
	"AcquisitionNumber": 1,
	"SliceThickness": 2.5,
	"SpacingBetweenSlices": 2.75,
	"SAR": 0.0805972,
	"EchoTime": 0.03,
	"RepetitionTime": 3,
	"FlipAngle": 90,
	"PartialFourier": 1,
	"BaseResolution": 76,
	"ShimSetting": [
		3022,
		-4119,
		-780,
		516,
		-51,
		82,
		-16,
		44	],
	"TxRefAmp": 228.933,
	"PhaseResolution": 1,
	"ReceiveCoilName": "HeadNeck_64",
	"ReceiveCoilActiveElements": "HC1-7;NC1,2",
	"PulseSequenceDetails": "%SiemensSeq%_ep2d_bold",
	"ConsistencyInfo": "N4_VE11C_LATEST_20160120",
	"PercentPhaseFOV": 100,
	"EchoTrainLength": 76,
	"PhaseEncodingSteps": 76,
	"AcquisitionMatrixPE": 76,
	"ReconMatrixPE": 76,
	"BandwidthPerPixelPhaseEncode": 23.084,
	"EffectiveEchoSpacing": 0.000570001,
	"DerivedVendorReportedEchoSpacing": 0.000570001,
	"TotalReadoutTime": 0.04275,
	"PixelBandwidth": 1995,
	"DwellTime": 3.3e-06,
	"PhaseEncodingDirection": "j-",
	"SliceTiming": [
		0,
		1.525,
		0.0675,
		1.59,
		0.1325,
		1.6575,
		0.2,
		1.7225,
		0.265,
		1.79,
		0.3325,
		1.855,
		0.3975,
		1.9225,
		0.465,
		1.9875,
		0.53,
		2.055,
		0.5975,
		2.12,
		0.6625,
		2.1875,
		0.73,
		2.2525,
		0.795,
		2.32,
		0.8625,
		2.385,
		0.9275,
		2.45,
		0.995,
		2.5175,
		1.06,
		2.5825,
		1.1275,
		2.65,
		1.1925,
		2.715,
		1.26,
		2.7825,
		1.325,
		2.8475,
		1.3925,
		2.915,
		1.4575	],
	"ImageOrientationPatientDICOM": [
		1,
		0,
		0,
		0,
		0.978867,
		-0.204496	],
	"InPlanePhaseEncodingDirectionDICOM": "COL",
	"ConversionSoftware": "dcm2niix",
	"ConversionSoftwareVersion": "v1.0.20180622 (JP2:OpenJPEG) GCC6.1.0"
}
