{
	"TaskName":"episodic",
	"Modality": "MR",
	"MagneticFieldStrength": 3,
	"Manufacturer": "Siemens",
	"ManufacturersModelName": "TrioTim",
	"InstitutionName": "St_Lucia_Campus",
	"InstitutionalDepartmentName": "Gehrmann_Labs_MRI",
	"InstitutionAddress": "Cooper_60_St._Lucia_QLD_AU_4072",
	"DeviceSerialNumber": "35410",
	"StationName": "mrc_Trio",
	"PatientPosition": "HFS",
	"ProcedureStepDescription": "Brain_-_UQ_fMRI",
	"SoftwareVersions": "syngo_MR_B17",
	"MRAcquisitionType": "2D",
	"SeriesDescription": "EPI",
	"ProtocolName": "EPI",
	"ScanningSequence": "EP",
	"SequenceVariant": "SK",
	"ScanOptions": "FS",
	"SequenceName": "_epfid2d1_76",
	"ImageType": ["ORIGINAL", "PRIMARY", "M", "ND", "MOSAIC"],
	"SeriesNumber": 4,
	"AcquisitionTime": "12:07:21.777500",
	"AcquisitionNumber": 1,
	"SliceThickness": 2.5,
	"SpacingBetweenSlices": 2.75,
	"SAR": 0.171759,
	"EchoTime": 0.03,
	"RepetitionTime": 3,
	"FlipAngle": 90,
	"PartialFourier": 1,
	"BaseResolution": 76,
	"ShimSetting": [
		6834,
		-11396,
		-2166,
		1006,
		34,
		-70,
		-181,
		29	],
	"TxRefAmp": 314.469,
	"PhaseResolution": 1,
	"ReceiveCoilName": "32Ch_Head",
	"PulseSequenceDetails": "%SiemensSeq%_ep2d_pace",
	"PercentPhaseFOV": 100,
	"PhaseEncodingSteps": 76,
	"AcquisitionMatrixPE": 76,
	"ReconMatrixPE": 76,
	"BandwidthPerPixelPhaseEncode": 23.084,
	"EffectiveEchoSpacing": 0.000570001,
	"DerivedVendorReportedEchoSpacing": 0.000570001,
	"TotalReadoutTime": 0.04275,
	"PixelBandwidth": 1994,
	"DwellTime": 3.3e-06,
	"PhaseEncodingDirection": "j-",
	"SliceTiming": [
		0,
		1.53,
		0.0675,
		1.5975,
		0.135,
		1.6625,
		0.2,
		1.73,
		0.2675,
		1.795,
		0.3325,
		1.8625,
		0.4,
		1.93,
		0.4675,
		1.995,
		0.5325,
		2.0625,
		0.6,
		2.1275,
		0.665,
		2.195,
		0.7325,
		2.2625,
		0.8,
		2.3275,
		0.865,
		2.395,
		0.9325,
		2.46,
		0.9975,
		2.5275,
		1.065,
		2.5925,
		1.1325,
		2.66,
		1.1975,
		2.7275,
		1.265,
		2.7925,
		1.33,
		2.86,
		1.3975,
		2.925,
		1.4625	],
	"ImageOrientationPatientDICOM": [
		0.999519,
		-0.021489,
		0.0223739,
		0.0261734,
		0.971314,
		-0.236355	],
	"InPlanePhaseEncodingDirectionDICOM": "COL",
	"ConversionSoftware": "dcm2niix",
	"ConversionSoftwareVersion": "v1.0.20180622 (JP2:OpenJPEG) GCC6.1.0"
}
