{
	"TaskName":"autobio",
	"Modality": "MR",
	"MagneticFieldStrength": 3,
	"Manufacturer": "Siemens",
	"ManufacturersModelName": "Prisma_fit",
	"InstitutionName": "St_Lucia_Campus",
	"InstitutionalDepartmentName": "Gehrmann_Labs_MRI",
	"InstitutionAddress": "Cooper_60_St._Lucia_QLD_AU_4072",
	"DeviceSerialNumber": "167001",
	"StationName": "mrc_Trio",
	"BodyPartExamined": "BRAIN",
	"PatientPosition": "HFS",
	"ProcedureStepDescription": "Research_16004_CMN",
	"SoftwareVersions": "syngo_MR_E11",
	"MRAcquisitionType": "2D",
	"SeriesDescription": "ep2d_bold_AUTO",
	"ProtocolName": "ep2d_bold_AUTO",
	"ScanningSequence": "EP",
	"SequenceVariant": "SK",
	"ScanOptions": "FS",
	"SequenceName": "_epfid2d1_76",
	"ImageType": ["ORIGINAL", "PRIMARY", "M", "ND", "MOSAIC"],
	"SeriesNumber": 9,
	"AcquisitionTime": "14:25:7.607500",
	"AcquisitionNumber": 1,
	"SliceThickness": 2.5,
	"SpacingBetweenSlices": 2.75,
	"SAR": 0.0793825,
	"EchoTime": 0.03,
	"RepetitionTime": 3,
	"FlipAngle": 90,
	"PartialFourier": 1,
	"BaseResolution": 76,
	"ShimSetting": [
		3023,
		-4042,
		-837,
		435,
		-12,
		183,
		-299,
		11	],
	"TxRefAmp": 215.093,
	"PhaseResolution": 1,
	"ReceiveCoilName": "HeadNeck_64",
	"ReceiveCoilActiveElements": "HC1-7;NC1,2",
	"PulseSequenceDetails": "%SiemensSeq%_ep2d_bold",
	"ConsistencyInfo": "N4_VE11C_LATEST_20160120",
	"PercentPhaseFOV": 100,
	"EchoTrainLength": 76,
	"PhaseEncodingSteps": 76,
	"AcquisitionMatrixPE": 76,
	"ReconMatrixPE": 76,
	"BandwidthPerPixelPhaseEncode": 23.084,
	"EffectiveEchoSpacing": 0.000570001,
	"DerivedVendorReportedEchoSpacing": 0.000570001,
	"TotalReadoutTime": 0.04275,
	"PixelBandwidth": 1995,
	"DwellTime": 3.3e-06,
	"PhaseEncodingDirection": "j-",
	"SliceTiming": [
		0,
		1.5225,
		0.0675,
		1.59,
		0.1325,
		1.655,
		0.2,
		1.7225,
		0.265,
		1.7875,
		0.3325,
		1.855,
		0.3975,
		1.92,
		0.465,
		1.9875,
		0.53,
		2.0525,
		0.5975,
		2.12,
		0.6625,
		2.185,
		0.73,
		2.2525,
		0.795,
		2.3175,
		0.8625,
		2.385,
		0.9275,
		2.45,
		0.9925,
		2.5175,
		1.06,
		2.5825,
		1.125,
		2.65,
		1.1925,
		2.715,
		1.2575,
		2.7825,
		1.325,
		2.8475,
		1.39,
		2.915,
		1.4575	],
	"ImageOrientationPatientDICOM": [
		0.998604,
		-0.00965011,
		-0.0519301,
		-0.00191719,
		0.975898,
		-0.218217	],
	"InPlanePhaseEncodingDirectionDICOM": "COL",
	"ConversionSoftware": "dcm2niix",
	"ConversionSoftwareVersion": "v1.0.20180622 (JP2:OpenJPEG) GCC6.1.0"
}
